PATH
  remote: .
  specs:
    untranslated (1.0.0)
      hash-deep-merge
      i18n

GEM
  remote: https://rubygems.org/
  specs:
    hash-deep-merge (0.1.1)
    i18n (0.6.1)
    rake (0.9.2.2)

PLATFORMS
  ruby

DEPENDENCIES
  rake
  untranslated!
